PATH
  remote: .
  specs:
    exercise_scraper (0.1.0)

GEM
  remote: https://rubygems.org/
  specs:
    date (3.3.3)
    nokogiri (1.14.0-arm64-darwin)
      racc (~> 1.4)
    open-uri (0.3.0)
      stringio
      time
      uri
    racc (1.6.2)
    rake (13.0.6)
    stringio (3.0.4)
    time (0.2.1)
      date
    uri (0.12.0)

PLATFORMS
  arm64-darwin-22

DEPENDENCIES
  exercise_scraper!
  nokogiri
  open-uri
  rake (~> 13.0)

BUNDLED WITH
   2.4.3
